GEM
  remote: https://rubygems.org/
  specs:
    activesupport (4.2.7.1)
      i18n (~> 0.7)
      json (~> 1.7, >= 1.7.7)
      minitest (~> 5.1)
      thread_safe (~> 0.3, >= 0.3.4)
      tzinfo (~> 1.1)
    aggregate (0.2.2)
    chronic (0.10.2)
    crass (1.0.2)
    eventmachine (1.2.0.1)
    faraday (0.9.2)
      multipart-post (>= 1.2, < 3)
    faye-websocket (0.10.4)
      eventmachine (>= 0.12.0)
      websocket-driver (>= 0.5.1)
    http_router (0.11.2)
      rack (>= 1.0.0)
      url_mount (~> 0.2.1)
    i18n (0.7.0)
    ice_nine (0.11.2)
    json (1.8.3)
    librato-metrics (1.6.1)
      aggregate (~> 0.2.2)
      faraday (~> 0.7)
      multi_json
    lita (4.7.0)
      bundler (>= 1.3)
      faraday (>= 0.8.7)
      http_router (>= 0.11.2)
      i18n (>= 0.6.9)
      ice_nine (>= 0.11.0)
      multi_json (>= 1.7.7)
      puma (>= 2.7.1)
      rack (>= 1.5.2)
      rb-readline (>= 0.5.1)
      redis-namespace (>= 1.3.0)
      thor (>= 0.18.1)
    lita-applause (0.0.2)
      lita (>= 4.0)
    lita-docker-hub (0.2.2)
      lita (>= 4.7)
    lita-google-images (3.1.0)
      lita (>= 4.0)
    lita-libratoo (0.1.4)
      chronic (~> 0.10)
      librato-metrics (~> 1.6)
      lita (>= 4.7)
    lita-location-decision (0.0.3)
      lita (>= 2.3)
    lita-pivotal-tracker (0.1.0)
      lita (>= 3.2)
    lita-slack (1.7.2)
      eventmachine
      faraday
      faye-websocket (>= 0.8.0)
      lita (>= 4.6.0)
      multi_json
    lita-statuspage (0.3.0)
      lita
    lita-timezone (0.1.0)
      activesupport (~> 4.2)
      lita (~> 4.6)
      tzinfo (~> 1.2)
    lita-urban-dictionary (1.1.0)
      lita (>= 4.0)
    lita-wikipedia (0.1.0)
      lita (>= 3.1)
      nokogiri (>= 1.6.6)
      sanitize (>= 3.1.2)
    lita-xkcd (0.0.5)
      lita (>= 2.2)
    mini_portile2 (2.1.0)
    minitest (5.9.0)
    multi_json (1.12.1)
    multipart-post (2.0.0)
    nokogiri (1.6.8)
      mini_portile2 (~> 2.1.0)
      pkg-config (~> 1.1.7)
    nokogumbo (1.4.9)
      nokogiri
    pkg-config (1.1.7)
    puma (3.6.0)
    rack (2.0.1)
    rb-readline (0.5.3)
    redis (3.3.1)
    redis-namespace (1.5.2)
      redis (~> 3.0, >= 3.0.4)
    sanitize (4.1.0)
      crass (~> 1.0.2)
      nokogiri (>= 1.4.4)
      nokogumbo (~> 1.4.1)
    thor (0.19.1)
    thread_safe (0.3.5)
    tzinfo (1.2.2)
      thread_safe (~> 0.1)
    url_mount (0.2.1)
      rack
    websocket-driver (0.6.4)
      websocket-extensions (>= 0.1.0)
    websocket-extensions (0.1.2)

PLATFORMS
  ruby

DEPENDENCIES
  lita (~> 4.7)
  lita-applause (~> 0.0.1)
  lita-docker-hub (~> 0.2.2)
  lita-google-images (~> 3.1)
  lita-libratoo (~> 0.1.4)
  lita-location-decision (~> 0.0.3)
  lita-pivotal-tracker (~> 0.1.0)
  lita-slack (~> 1.7, >= 1.7.2)
  lita-statuspage (~> 0.3.0)
  lita-timezone (~> 0.1.0)
  lita-urban-dictionary (~> 1.1)
  lita-wikipedia (~> 0.1.0)
  lita-xkcd (~> 0.0.5)

BUNDLED WITH
   1.12.5
